PATH
  remote: .
  specs:
    rlang (0.3.0)
      parser

GEM
  remote: https://rubygems.org/
  specs:
    ast (2.4.0)
    minitest (5.14.0)
    parser (2.7.0.2)
      ast (~> 2.4.0)
    rake (12.3.3)
    rutie (0.0.4)
    wasmer (0.3.0)
      rutie (~> 0.0.3)

PLATFORMS
  ruby

DEPENDENCIES
  bundler (~> 2.0)
  minitest (~> 5.0)
  rake (~> 12.0)
  rlang!
  wasmer (~> 0.3)

BUNDLED WITH
   2.0.2
