PATH
  remote: .
  specs:
    rlang (0.4.0)
      parser

GEM
  remote: https://rubygems.org/
  specs:
    ast (2.4.0)
    docile (1.3.2)
    minitest (5.14.0)
    parser (2.7.0.2)
      ast (~> 2.4.0)
    rake (12.3.3)
    rutie (0.0.4)
    simplecov (0.18.1)
      docile (~> 1.1)
      simplecov-html (~> 0.11.0)
    simplecov-html (0.11.0)
    wasmer (0.3.0)
      rutie (~> 0.0.3)

PLATFORMS
  ruby

DEPENDENCIES
  bundler (~> 2.0)
  minitest (~> 5.0)
  rake (~> 12.0)
  rlang!
  simplecov (~> 0.18)
  wasmer (~> 0.3)

BUNDLED WITH
   2.0.2
